PATH
  remote: .
  specs:
    factory_data_preloader (1.0.3)

GEM
  remote: http://rubygems.org/
  specs:
    activerecord (3.2.14)
    activesupport (3.2.9)
      i18n (~> 0.6)
      multi_json (~> 1.0)
    columnize (0.3.6)
    concurrent-ruby (1.1.10)
    i18n (0.9.5)
      concurrent-ruby (~> 1.0)
    linecache (0.46)
      rbx-require-relative (> 0.0.4)
    mocha (0.9.12)
    multi_json (1.15.0)
    rbx-require-relative (0.0.9)
    ruby-debug (0.10.4)
      columnize (>= 0.1)
      ruby-debug-base (~> 0.10.4.0)
    ruby-debug-base (0.10.4)
      linecache (>= 0.3)
    shoulda (2.11.3)
    sqlite3 (1.3.6)
    sqlite3-ruby (1.3.3)
      sqlite3 (>= 1.3.3)

PLATFORMS
  ruby

DEPENDENCIES
  activerecord (>= 2.3.0)
  activesupport (>= 2.3.0)
  factory_data_preloader!
  mocha (>= 0.9.10, < 0.10.0)
  ruby-debug (>= 0.10.3)
  shoulda (>= 2.11.3, < 2.12.0)
  sqlite3-ruby (>= 1.3.2, < 1.4.0)
