PATH
  remote: .
  specs:
    factory_data_preloader (1.0.3)

GEM
  remote: http://rubygems.org/
  specs:
    activemodel (7.0.4.1)
      activesupport (= 7.0.4.1)
    activerecord (7.0.4.1)
      activemodel (= 7.0.4.1)
      activesupport (= 7.0.4.1)
    activesupport (7.0.4.1)
      concurrent-ruby (~> 1.0, >= 1.0.2)
      i18n (>= 1.6, < 2)
      minitest (>= 5.1)
      tzinfo (~> 2.0)
    columnize (0.3.6)
    concurrent-ruby (1.1.10)
    i18n (1.12.0)
      concurrent-ruby (~> 1.0)
    linecache (0.46)
      rbx-require-relative (> 0.0.4)
    minitest (5.17.0)
    mocha (0.9.12)
    rbx-require-relative (0.0.9)
    ruby-debug (0.10.4)
      columnize (>= 0.1)
      ruby-debug-base (~> 0.10.4.0)
    ruby-debug-base (0.10.4)
      linecache (>= 0.3)
    shoulda (2.11.3)
    sqlite3 (1.3.6)
    sqlite3-ruby (1.3.3)
      sqlite3 (>= 1.3.3)
    tzinfo (2.0.5)
      concurrent-ruby (~> 1.0)

PLATFORMS
  ruby

DEPENDENCIES
  activerecord (>= 2.3.0)
  activesupport (>= 2.3.0)
  factory_data_preloader!
  mocha (>= 0.9.10, < 0.10.0)
  ruby-debug (>= 0.10.3)
  shoulda (>= 2.11.3, < 2.12.0)
  sqlite3-ruby (>= 1.3.2, < 1.4.0)
